GEM
  remote: https://rubygems.org/
  specs:
    bcrypt_pbkdf (1.0.0.alpha1)
    ffi (1.9.14)
    net-scp (1.2.1)
      net-ssh (>= 2.6.5)
    net-ssh (4.0.0.beta3)
    rbnacl (3.4.0)
      ffi
    rbnacl-libsodium (1.0.10)
      rbnacl (>= 3.0.1)
    sshkit (1.11.3)
      net-scp (>= 1.1.2)
      net-ssh (>= 2.8.0)
    thor (0.19.1)

PLATFORMS
  ruby

DEPENDENCIES
  bcrypt_pbkdf
  net-ssh (>= 4.0.0.beta2)
  rbnacl-libsodium
  sshkit (~> 1.11)
  thor

BUNDLED WITH
   1.13.6
