GEM
  remote: https://rubygems.org/
  specs:
    bcrypt_pbkdf (1.0.0.alpha1)
    commander (4.4.0)
      highline (~> 1.7.2)
    diff-lcs (1.2.5)
    ffi (1.9.14)
    highline (1.7.8)
    net-scp (1.2.1)
      net-ssh (>= 2.6.5)
    net-ssh (4.0.0.beta3)
    rbnacl (3.4.0)
      ffi
    rbnacl-libsodium (1.0.10)
      rbnacl (>= 3.0.1)
    rspec (3.2.0)
      rspec-core (~> 3.2.0)
      rspec-expectations (~> 3.2.0)
      rspec-mocks (~> 3.2.0)
    rspec-core (3.2.2)
      rspec-support (~> 3.2.0)
    rspec-expectations (3.2.0)
      diff-lcs (>= 1.2.0, < 2.0)
      rspec-support (~> 3.2.0)
    rspec-mocks (3.2.1)
      diff-lcs (>= 1.2.0, < 2.0)
      rspec-support (~> 3.2.0)
    rspec-support (3.2.2)
    sshkit (1.11.3)
      net-scp (>= 1.1.2)
      net-ssh (>= 2.8.0)

PLATFORMS
  ruby

DEPENDENCIES
  bcrypt_pbkdf
  commander
  net-ssh (>= 4.0.0.beta2)
  rbnacl-libsodium
  rspec
  sshkit (~> 1.11)

BUNDLED WITH
   1.13.6
